GIT
  remote: git@lyconic.com:redis-native_hash
  revision: 4bc144d3474743e4de558358d520c275786771fd
  specs:
    redis-native_hash (0.2.0)
      redis (>= 2.0.0)

GEM
  remote: http://rubygems.org/
  specs:
    backports (2.3.0)
    eventmachine (0.12.10)
    haml (3.1.3)
    rack (1.3.5)
    rack-jsonp (1.3.0)
      rack
    rack-protection (1.1.4)
      rack
    rack-test (0.6.1)
      rack (>= 1.0)
    redis (2.2.2)
    sinatra (1.3.1)
      rack (~> 1.3, >= 1.3.4)
      rack-protection (~> 1.1, >= 1.1.2)
      tilt (~> 1.3, >= 1.3.3)
    sinatra-contrib (1.3.1)
      backports (>= 2.0)
      eventmachine
      rack-protection
      rack-test
      sinatra (~> 1.3.0)
      tilt (~> 1.3)
    sinatra-reloader (1.0)
      sinatra-contrib
    tilt (1.3.3)

PLATFORMS
  ruby

DEPENDENCIES
  haml
  rack
  rack-jsonp
  redis
  redis-native_hash!
  sinatra
  sinatra-reloader
