GIT
  remote: git@lyconic.com:redis-native_hash
  revision: 27405cb1162828488432c381aa30657d1b4baa9e
  specs:
    redis-native_hash (0.1.0)
      redis (>= 2.0.0)

GEM
  remote: http://rubygems.org/
  specs:
    backports (2.3.0)
    haml (3.1.2)
    monkey-lib (0.5.4)
      backports
    rack (1.3.1)
    rack-jsonp (1.2.0)
      rack
    redis (2.2.1)
    sinatra (1.2.6)
      rack (~> 1.1)
      tilt (>= 1.2.2, < 2.0)
    sinatra-advanced-routes (0.5.1)
      monkey-lib (~> 0.5.0)
      sinatra (~> 1.0)
      sinatra-sugar (~> 0.5.0)
    sinatra-reloader (0.5.0)
      sinatra (~> 1.0)
      sinatra-advanced-routes (~> 0.5.0)
    sinatra-sugar (0.5.1)
      monkey-lib (~> 0.5.0)
      sinatra (~> 1.0)
    tilt (1.3.2)

PLATFORMS
  ruby

DEPENDENCIES
  haml
  rack
  rack-jsonp
  redis
  redis-native_hash!
  sinatra
  sinatra-reloader
